REDIRECTS: FORCE
RESTRICTION: >= net461
NUGET
  remote: https://www.nuget.org/api/v2
    FSharp.Control.AsyncSeq (2.0.12)
    FSharp.Core (4.0.0.1) - redirects: force
    FSharpx.Async (1.13.2)
      FSharp.Control.AsyncSeq
      FSharp.Core
    FSharpx.Collections (1.17)
      FSharp.Core
    FSharpx.Extras (2.2.1)
      FSharpx.Async
      FSharpx.Collections
    Hopac (0.3.23)
      FSharp.Core (>= 3.1.2.5)
    Http.fs (4.1.2)
      FSharp.Core (>= 3.1.2.5)
      Hopac (>= 0.3.21)
    Newtonsoft.Json (10.0.3)
    Suave (2.2.1)
      FSharp.Core (>= 4.0.0.1)

GROUP Build-Tools
RESTRICTION: >= net461
NUGET
  remote: https://www.nuget.org/api/v2
    FAKE (4.63.2)
